GIT
  remote: https://github.com/sewatech/asciidoctor-bespoke.git
  revision: 3e60477ecc375f20ef7e71ccb43a9ae9a82d6b68
  specs:
    asciidoctor-bespoke (1.0.0.dev)
      asciidoctor (>= 1.5.0)
      slim (~> 3.0.6)
      thread_safe (~> 0.3.5)

GEM
  remote: https://rubygems.org/
  specs:
    asciidoctor (1.5.8)
    slim (3.0.9)
      temple (>= 0.7.6, < 0.9)
      tilt (>= 1.3.3, < 2.1)
    temple (0.8.2)
    thread_safe (0.3.6)
    tilt (2.0.11)

PLATFORMS
  ruby

DEPENDENCIES
  asciidoctor (~> 1.5, >= 1.5.6.2)
  asciidoctor-bespoke!

BUNDLED WITH
   2.0.2
